GIT
  remote: git://github.com/RecastAI/daemonkit.git
  revision: 22e223fdbef99c224c190e50cf78496d9b32b78e
  specs:
    daemon-kit (0.5.1)
      eventmachine (>= 0.12.10)
      thor

GEM
  remote: https://rubygems.org/
  specs:
    RecastAI (1.0.2)
      httmultiparty (~> 0.3)
      httparty (~> 0.13)
    activesupport (4.2.5.1)
      i18n (~> 0.7)
      json (~> 1.7, >= 1.7.7)
      minitest (~> 5.1)
      thread_safe (~> 0.3, >= 0.3.4)
      tzinfo (~> 1.1)
    ast (2.2.0)
    awesome_print (1.6.1)
    eventmachine (1.0.9.1)
    faraday (0.9.2)
      multipart-post (>= 1.2, < 3)
    faraday_middleware (0.10.0)
      faraday (>= 0.7.4, < 0.10)
    faye-websocket (0.10.3)
      eventmachine (>= 0.12.0)
      websocket-driver (>= 0.5.1)
    forecast_io (2.0.0)
      faraday
      hashie
      multi_json
    gli (2.13.4)
    hashie (3.4.3)
    httmultiparty (0.3.16)
      httparty (>= 0.7.3)
      mimemagic
      multipart-post
    httparty (0.14.0)
      json (~> 1.8)
      multi_xml (>= 0.5.2)
    i18n (0.7.0)
    json (1.8.3)
    mimemagic (0.3.2)
    minitest (5.8.4)
    multi_json (1.11.2)
    multi_xml (0.5.5)
    multipart-post (2.0.0)
    parser (2.3.0.6)
      ast (~> 2.2)
    powerpack (0.1.1)
    rainbow (2.1.0)
    rubocop (0.38.0)
      parser (>= 2.3.0.6, < 3.0)
      powerpack (~> 0.1)
      rainbow (>= 1.99.1, < 3.0)
      ruby-progressbar (~> 1.7)
      unicode-display_width (~> 1.0, >= 1.0.1)
    ruby-progressbar (1.7.5)
    safely (0.3.2)
    slack-ruby-client (0.6.0)
      faraday
      faraday_middleware
      gli
      hashie
      json
      websocket-driver
    thor (0.19.1)
    thread_safe (0.3.5)
    tzinfo (1.2.2)
      thread_safe (~> 0.1)
    unicode-display_width (1.0.2)
    websocket-driver (0.6.3)
      websocket-extensions (>= 0.1.0)
    websocket-extensions (0.1.2)
    xmlparser (0.7.2.1)

PLATFORMS
  ruby

DEPENDENCIES
  RecastAI (~> 1.0.2)
  activesupport
  awesome_print
  daemon-kit!
  faye-websocket
  forecast_io
  httmultiparty (~> 0.3.16)
  httparty
  mimemagic (~> 0.3.2)
  multipart-post (~> 2.0.0)
  rubocop
  safely
  slack-ruby-client
  xmlparser (~> 0.7.2.1)

BUNDLED WITH
   1.12.3
